PATH
  remote: .
  specs:
    soulmate (0.0.3)
      json (~> 1.4.6)
      rack-contrib (~> 1.1.0)
      redis (>= 2.0)
      sinatra (>= 1.0)
      soulmate
      vegas (>= 0.1.0)

GEM
  remote: http://rubygems.org/
  specs:
    git (1.2.5)
    jeweler (1.5.2)
      bundler (~> 1.0.0)
      git (>= 1.2.5)
      rake
    json (1.4.6)
    rack (1.3.0)
    rack-contrib (1.1.0)
      rack (>= 0.9.1)
    rake (0.8.7)
    rcov (0.9.9)
    redis (2.2.1)
    shoulda (2.11.3)
    sinatra (1.2.6)
      rack (~> 1.1)
      tilt (>= 1.2.2, < 2.0)
    tilt (1.3.2)
    vegas (0.1.8)
      rack (>= 1.0.0)

PLATFORMS
  ruby

DEPENDENCIES
  bundler (~> 1.0.0)
  jeweler (~> 1.5.2)
  rcov
  shoulda
  soulmate!
